GEM
  remote: http://rubygems.org/
  specs:
    haml (3.1.4)
    sass (3.1.15)

PLATFORMS
  ruby

DEPENDENCIES
  haml
  sass
